GEM
  remote: http://rubygems.org/
  remote: http://rubygems.org/
  remote: http://rubygems.org/
  remote: https://github.com/jmettraux/ruote/
  remote: http://www.sqlite.org/
  remote: http://rubygems.org/gems/sqlite3/
  specs:
    actionmailer (2.3.12)
      actionpack (= 2.3.12)
    actionpack (2.3.12)
      activesupport (= 2.3.12)
      rack (~> 1.1.0)
    activerecord (2.3.12)
      activesupport (= 2.3.12)
    activeresource (2.3.12)
      activesupport (= 2.3.12)
    activesupport (2.3.12)
    addressable (2.2.6)
    atom-tools (2.0.5)
    data_objects (0.10.6)
      addressable (~> 2.1)
    datamapper (1.0.2)
      dm-aggregates (= 1.0.2)
      dm-constraints (= 1.0.2)
      dm-core (= 1.0.2)
      dm-migrations (= 1.0.2)
      dm-serializer (= 1.0.2)
      dm-timestamps (= 1.0.2)
      dm-transactions (= 1.0.2)
      dm-types (= 1.0.2)
      dm-validations (= 1.0.2)
    dm-aggregates (1.0.2)
      dm-core (~> 1.0.2)
    dm-constraints (1.0.2)
      dm-core (~> 1.0.2)
      dm-migrations (~> 1.0.2)
    dm-core (1.0.2)
      addressable (~> 2.2)
      extlib (~> 0.9.15)
    dm-do-adapter (1.0.2)
      data_objects (~> 0.10.2)
      dm-core (~> 1.0.2)
    dm-migrations (1.0.2)
      dm-core (~> 1.0.2)
    dm-mysql-adapter (1.0.2)
      dm-do-adapter (~> 1.0.2)
      do_mysql (~> 0.10.2)
    dm-serializer (1.0.2)
      dm-core (~> 1.0.2)
      fastercsv (~> 1.5.3)
      json_pure (~> 1.4)
    dm-timestamps (1.0.2)
      dm-core (~> 1.0.2)
    dm-transactions (1.0.2)
      dm-core (~> 1.0.2)
    dm-types (1.0.2)
      dm-core (~> 1.0.2)
      fastercsv (~> 1.5.3)
      json_pure (~> 1.4)
      stringex (~> 1.1.0)
      uuidtools (~> 2.1.1)
    dm-validations (1.0.2)
      dm-core (~> 1.0.2)
    do_mysql (0.10.6)
      data_objects (= 0.10.6)
    extlib (0.9.15)
    fastercsv (1.5.4)
    file-tail (1.0.6)
      spruz (~> 0.2)
    haml (3.1.2)
    heroku (2.4.0)
      launchy (>= 0.3.2)
      rest-client (~> 1.6.1)
      term-ansicolor (~> 1.0.5)
    i18n (0.6.0)
    json (1.5.3)
    json_pure (1.5.3)
    launchy (2.0.5)
      addressable (~> 2.2.6)
    mail (2.3.0)
      i18n (>= 0.4.0)
      mime-types (~> 1.16)
      treetop (~> 1.4.8)
    mime-types (1.16)
    mysql (2.8.1)
    polyglot (0.3.2)
    rack (1.1.2)
    rails (2.3.12)
      actionmailer (= 2.3.12)
      actionpack (= 2.3.12)
      activerecord (= 2.3.12)
      activeresource (= 2.3.12)
      activesupport (= 2.3.12)
      rake (>= 0.8.3)
    rake (0.8.7)
    rdoc (3.8)
    rest-client (1.6.7)
      mime-types (>= 1.16)
    ruby2ruby (1.2.5)
      ruby_parser (~> 2.0)
      sexp_processor (~> 3.0)
    ruby_parser (2.2.0)
      sexp_processor (~> 3.0)
    rufus-cloche (1.0.1)
      rufus-json (>= 0.2.7)
    rufus-dollar (1.0.4)
    rufus-json (1.0.1)
    rufus-lru (1.0.3)
    rufus-mnemo (1.2.2)
    rufus-scheduler (2.0.10)
      tzinfo (>= 0.3.23)
    rufus-treechecker (1.0.8)
      ruby_parser (>= 2.0.5)
    rufus-verbs (1.0.0)
      rufus-lru
    ruote (2.2.0)
      rufus-cloche (>= 0.1.20)
      rufus-dollar (>= 1.0.4)
      rufus-json (>= 0.2.5)
      rufus-mnemo (>= 1.1.0)
      rufus-scheduler (>= 2.0.8)
      rufus-treechecker (>= 1.0.4)
      sourcify (= 0.4.2)
    ruote-dm (2.2.0)
      dm-core (= 1.0.2)
      dm-migrations (= 1.0.2)
      ruote (>= 2.2.0)
    sexp_processor (3.0.6)
    sourcify (0.4.2)
      file-tail (>= 1.0.5)
      ruby2ruby (>= 1.2.5)
      sexp_processor (>= 3.0.5)
    spruz (0.2.13)
    stringex (1.1.0)
    term-ansicolor (1.0.6)
    treetop (1.4.10)
      polyglot
      polyglot (>= 0.3.1)
    tzinfo (0.3.29)
    uuidtools (2.1.2)
    will_paginate (2.3.16)
    yajl-ruby (0.8.2)

PLATFORMS
  ruby

DEPENDENCIES
  atom-tools (= 2.0.5)
  datamapper
  dm-mysql-adapter
  haml (= 3.1.2)
  heroku (= 2.4.0)
  json (= 1.5.3)
  mail (= 2.3.0)
  mysql (= 2.8.1)
  rails (= 2.3.12)
  rake (= 0.8.7)
  rdoc (= 3.8)
  rufus-verbs (= 1.0.0)
  ruote (= 2.2.0)
  ruote-dm (= 2.2.0)
  will_paginate (~> 2.3.16)
  yajl-ruby (= 0.8.2)
