GEM
  remote: http://rubygems.org/
  remote: http://rubygems.org/
  remote: http://rubygems.org/
  remote: https://github.com/jmettraux/ruote/
  specs:
    atom-tools (2.0.5)
    file-tail (1.0.6)
      spruz (~> 0.2)
    mislav-will_paginate (2.3.6)
    ruby2ruby (1.2.5)
      ruby_parser (~> 2.0)
      sexp_processor (~> 3.0)
    ruby_parser (2.0.6)
      sexp_processor (~> 3.0)
    rufus-cloche (1.0.1)
      rufus-json (>= 0.2.7)
    rufus-dollar (1.0.4)
    rufus-json (1.0.1)
    rufus-lru (1.0.3)
    rufus-mnemo (1.2.0)
    rufus-scheduler (2.0.10)
      tzinfo (>= 0.3.23)
    rufus-treechecker (1.0.6)
      ruby_parser (>= 2.0.5)
    rufus-verbs (1.0.0)
      rufus-lru
    ruote (2.2.0)
      rufus-cloche (>= 0.1.20)
      rufus-dollar (>= 1.0.4)
      rufus-json (>= 0.2.5)
      rufus-mnemo (>= 1.1.0)
      rufus-scheduler (>= 2.0.8)
      rufus-treechecker (>= 1.0.4)
      sourcify (= 0.4.2)
    sexp_processor (3.0.5)
    sourcify (0.4.2)
      file-tail (>= 1.0.5)
      ruby2ruby (>= 1.2.5)
      sexp_processor (>= 3.0.5)
    spruz (0.2.10)
    tzinfo (0.3.29)

PLATFORMS
  ruby

DEPENDENCIES
  atom-tools
  mislav-will_paginate (>= 2.3.6)
  rufus-verbs
  ruote (>= 2.2)
